GEM
  remote: https://rubygems.org/
  specs:
    puma (3.3.0)
    puma (3.3.0-java)
    rack (1.6.8)
    rack-protection (1.5.3)
      rack
    sinatra (1.4.8)
      rack (~> 1.5)
      rack-protection (~> 1.4)
      tilt (>= 1.3, < 3)
    tilt (2.0.7)

PLATFORMS
  java
  ruby
  universal-java-1.8
  x86_64-linux

DEPENDENCIES
  puma (~> 3.3.0)
  sinatra (~> 1.4.7)

BUNDLED WITH
   1.15.1
