GIT
  remote: git://github.com/puma/puma.git
  revision: 39dc3dfe1b7e6096c7feb466d2ac47b435b93e98
  specs:
    puma (3.10.0)

GEM
  remote: https://rubygems.org/
  specs:
    mustermann (1.0.0)
    rack (2.0.3)
    rack-protection (2.0.0)
      rack
    sinatra (2.0.0)
      mustermann (~> 1.0)
      rack (~> 2.0)
      rack-protection (= 2.0.0)
      tilt (~> 2.0)
    tilt (2.0.7)

PLATFORMS
  java
  ruby
  universal-java-1.8
  x86_64-linux

DEPENDENCIES
  puma (~> 3.9)!
  sinatra (~> 2.0.0)

BUNDLED WITH
   1.15.1
