GEM
  remote: https://rubygems.org/
  specs:
    mustermann (1.0.3)
    puma (3.12.1)
    puma (3.12.1-java)
    rack (2.0.7)
    rack-protection (2.0.5)
      rack
    sinatra (2.0.5)
      mustermann (~> 1.0)
      rack (~> 2.0)
      rack-protection (= 2.0.5)
      tilt (~> 2.0)
    tilt (2.0.9)

PLATFORMS
  java
  ruby
  universal-java-1.8
  x86_64-linux

DEPENDENCIES
  puma (~> 3.10)
  sinatra (~> 2.0.0)

BUNDLED WITH
   1.17.3
