GIT
  remote: git://github.com/puma/puma.git
  revision: 137a80d766478ba03f5c5fecbe152a2b26ee2359
  specs:
    puma (3.9.1)

GEM
  remote: https://rubygems.org/
  specs:
    mustermann (1.0.0)
    rack (2.0.3)
    rack-protection (2.0.0)
      rack
    sinatra (2.0.0)
      mustermann (~> 1.0)
      rack (~> 2.0)
      rack-protection (= 2.0.0)
      tilt (~> 2.0)
    tilt (2.0.7)

PLATFORMS
  java
  ruby
  universal-java-1.8
  x86_64-linux

DEPENDENCIES
  puma (~> 3.9)!
  sinatra (~> 2.0.0)

BUNDLED WITH
   1.15.1
